NUGET
  remote: https://www.nuget.org/api/v2
    FAKE (3.26.1)
    FSharp.Compiler.Service (0.0.87)
    FSharp.Control.AsyncSeq (1.15)
    FSharp.Core (4.0.0.1)
    FSharp.Formatting (2.7.5)
      FSharp.Compiler.Service (>= 0.0.82)
      FSharpVSPowerTools.Core (>= 1.7)
    FSharpVSPowerTools.Core (1.7)
      FSharp.Compiler.Service (>= 0.0.81)
    Microsoft.Bcl (1.1.10) - framework: net10, net11, net20, net30, net35, net40, net40-full
      Microsoft.Bcl.Build (>= 1.0.14)
    Microsoft.Bcl.Build (1.0.21) - import_targets: false, framework: net10, net11, net20, net30, net35, net40, net40-full
    Microsoft.Net.Http (2.2.29) - framework: net10, net11, net20, net30, net35, net40, net40-full
      Microsoft.Bcl (>= 1.1.10)
      Microsoft.Bcl.Build (>= 1.0.14)
    NUnit (2.6.4)
    NUnit.Runners (2.6.4)
    Octokit (0.21.1)
      Microsoft.Net.Http  - framework: net10, net11, net20, net30, net35, net40, net40-full
    SourceLink.Fake (0.5)
GITHUB
  remote: fsharp/FAKE
    modules/Octokit/Octokit.fsx (934dc8313e2c54793813058fe2540511ad3b8468)
      Octokit (>= 0.20)
  remote: fsprojects/FSharpx.Collections
    src/FSharpx.Collections/CircularBuffer.fs (670df56ddb58f406f9268c7063c8a250b1b77a2c)